GEM
  remote: https://rubygems.org/
  specs:
    Ascii85 (1.1.0)
    activesupport (8.0.2)
      base64
      benchmark (>= 0.3)
      bigdecimal
      concurrent-ruby (~> 1.0, >= 1.3.1)
      connection_pool (>= 2.2.5)
      drb
      i18n (>= 1.6, < 2)
      logger (>= 1.4.2)
      minitest (>= 5.1)
      securerandom (>= 0.3)
      tzinfo (~> 2.0, >= 2.0.5)
      uri (>= 0.13.1)
    addressable (2.8.7)
      public_suffix (>= 2.0.2, < 7.0)
    afm (0.2.2)
    async (2.10.1)
      console (~> 1.10)
      fiber-annotation
      io-event (~> 1.5, >= 1.5.1)
      timers (~> 4.1)
    autoprefixer-rails (10.4.21.0)
      execjs (~> 2)
    base64 (0.3.0)
    benchmark (0.4.1)
    bigdecimal (3.1.7)
    chronic (0.10.2)
    chunky_png (1.4.0)
    coffee-script (2.4.1)
      coffee-script-source
      execjs
    coffee-script-source (1.12.2)
    commonmarker (0.23.11)
    compass (1.0.3)
      chunky_png (~> 1.2)
      compass-core (~> 1.0.2)
      compass-import-once (~> 1.0.5)
      rb-fsevent (>= 0.9.3)
      rb-inotify (>= 0.9)
      sass (>= 3.3.13, < 3.5)
    compass-core (1.0.3)
      multi_json (~> 1.0)
      sass (>= 3.3.0, < 3.5)
    compass-import-once (1.0.5)
      sass (>= 3.2, < 3.5)
    concurrent-ruby (1.3.5)
    connection_pool (2.5.3)
    console (1.23.6)
      fiber-annotation
      fiber-local
      json
    contracts (0.17.2)
    csv (3.3.5)
    dotenv (3.1.8)
    drb (2.2.3)
    em-websocket (0.5.3)
      eventmachine (>= 0.12.9)
      http_parser.rb (~> 0)
    erubi (1.13.1)
    ethon (0.16.0)
      ffi (>= 1.15.0)
    eventmachine (1.2.7)
    execjs (2.10.0)
    fast_blank (1.0.1)
    fastimage (2.4.0)
    ffi (1.17.2)
    fiber-annotation (0.2.0)
    fiber-local (1.0.0)
    google-protobuf (4.31.1)
      bigdecimal
      rake (>= 13)
    govuk_tech_docs (4.1.1)
      autoprefixer-rails (~> 10.2)
      base64
      bigdecimal
      chronic (~> 0.10.2)
      csv
      haml (~> 6.0)
      middleman (~> 4.0)
      middleman-autoprefixer (~> 2.10)
      middleman-compass (~> 4.0)
      middleman-livereload
      middleman-search-gds
      middleman-sprockets (~> 4.0.0)
      middleman-syntax (~> 3.4)
      mutex_m
      nokogiri
      openapi3_parser (~> 0.9.0)
      redcarpet (~> 3.6)
      sassc-embedded (~> 1.78.0)
      terser (~> 1.2.3)
    haml (6.3.0)
      temple (>= 0.8.2)
      thor
      tilt
    hamster (3.0.0)
      concurrent-ruby (~> 1.0)
    hashery (2.1.2)
    hashie (5.0.0)
    html-proofer (5.0.8)
      addressable (~> 2.3)
      async (~> 2.1)
      nokogiri (~> 1.13)
      pdf-reader (~> 2.11)
      rainbow (~> 3.0)
      typhoeus (~> 1.3)
      yell (~> 2.0)
      zeitwerk (~> 2.5)
    http_parser.rb (0.8.0)
    i18n (1.14.7)
      concurrent-ruby (~> 1.0)
    io-event (1.5.1)
    json (2.7.2)
    kramdown (2.5.1)
      rexml (>= 3.3.9)
    listen (3.9.0)
      rb-fsevent (~> 0.10, >= 0.10.3)
      rb-inotify (~> 0.9, >= 0.9.10)
    logger (1.7.0)
    memoist (0.16.2)
    middleman (4.6.0)
      middleman-cli (= 4.6.0)
      middleman-core (= 4.6.0)
    middleman-autoprefixer (2.10.0)
      autoprefixer-rails (>= 9.1.4)
      middleman-core (>= 3.3.3)
    middleman-cli (4.6.0)
      thor (>= 0.17.0, < 1.3.0)
    middleman-compass (4.0.1)
      compass (>= 1.0.0, < 2.0.0)
      middleman-core (>= 4.0.0)
    middleman-core (4.6.0)
      activesupport (>= 6.1)
      addressable (~> 2.4)
      bundler (~> 2.0)
      coffee-script (~> 2.2)
      contracts
      dotenv
      erubi
      execjs (~> 2.0)
      fast_blank
      fastimage (~> 2.0)
      haml (>= 4.0.5)
      hamster (~> 3.0)
      hashie (>= 3.4, < 6.0)
      i18n (>= 1.6, < 1.15)
      kramdown (~> 2.4)
      listen (~> 3.0)
      memoist (~> 0.14)
      padrino-helpers (~> 0.15.0)
      parallel
      rack (>= 3)
      rackup
      sassc (~> 2.0)
      servolux
      tilt (~> 2.2)
      toml
      uglifier (>= 3, < 5)
      webrick
    middleman-gh-pages (0.4.1)
      rake (> 0.9.3)
    middleman-livereload (3.4.7)
      em-websocket (~> 0.5.1)
      middleman-core (>= 3.3)
      rack-livereload (~> 0.3.15)
    middleman-search-gds (0.11.2)
      execjs (~> 2.6)
      middleman-core (>= 3.2)
      nokogiri (~> 1.6)
    middleman-sprockets (4.0.0)
      middleman-core (~> 4.0)
      sprockets (>= 3.0)
    middleman-syntax (3.5.0)
      middleman-core (>= 3.2)
      rouge (~> 3.2)
    mini_portile2 (2.8.9)
    minitest (5.25.5)
    multi_json (1.15.0)
    mutex_m (0.3.0)
    nokogiri (1.18.8)
      mini_portile2 (~> 2.8.2)
      racc (~> 1.4)
    openapi3_parser (0.9.2)
      commonmarker (~> 0.17)
    padrino-helpers (0.15.3)
      i18n (>= 0.6.7, < 2)
      padrino-support (= 0.15.3)
      tilt (>= 1.4.1, < 3)
    padrino-support (0.15.3)
    parallel (1.27.0)
    parslet (2.0.0)
    pdf-reader (2.12.0)
      Ascii85 (~> 1.0)
      afm (~> 0.2.1)
      hashery (~> 2.0)
      ruby-rc4
      ttfunk
    public_suffix (6.0.2)
    racc (1.8.1)
    rack (3.1.16)
    rack-livereload (0.3.17)
      rack
    rackup (2.2.1)
      rack (>= 3)
    rainbow (3.1.1)
    rake (13.0.6)
    rb-fsevent (0.11.2)
    rb-inotify (0.11.1)
      ffi (~> 1.0)
    redcarpet (3.6.1)
    rexml (3.4.1)
    rouge (3.30.0)
    ruby-rc4 (0.1.5)
    sass (3.4.25)
    sass-embedded (1.89.1)
      google-protobuf (~> 4.31)
      rake (>= 13)
    sassc (2.4.0)
      ffi (~> 1.9)
    sassc-embedded (1.78.0)
      sass-embedded (~> 1.78)
    securerandom (0.4.1)
    servolux (0.13.0)
    sprockets (4.2.2)
      concurrent-ruby (~> 1.0)
      logger
      rack (>= 2.2.4, < 4)
    temple (0.10.3)
    terser (1.2.5)
      execjs (>= 0.3.0, < 3)
    thor (1.2.2)
    tilt (2.6.0)
    timers (4.3.5)
    toml (0.3.0)
      parslet (>= 1.8.0, < 3.0.0)
    ttfunk (1.8.0)
      bigdecimal (~> 3.1)
    typhoeus (1.4.1)
      ethon (>= 0.9.0)
    tzinfo (2.0.6)
      concurrent-ruby (~> 1.0)
    uglifier (4.2.1)
      execjs (>= 0.3.0, < 3)
    uri (1.0.3)
    webrick (1.9.1)
    yell (2.2.2)
    zeitwerk (2.6.13)

PLATFORMS
  ruby

DEPENDENCIES
  govuk_tech_docs
  html-proofer
  middleman-gh-pages
  tzinfo-data
  wdm (~> 0.1.0)

BUNDLED WITH
   2.4.10
